GEM
  remote: https://rubygems.org/
  specs:
    backports (3.6.8)
    git-version-bump (0.15.1)
    json (2.0.2)
    multi_json (1.12.1)
    pg (0.18.4)
    rack (1.6.4)
    rack-contrib (1.4.0)
      git-version-bump (~> 0.15)
      rack (~> 1.4)
    rack-protection (1.5.3)
      rack
    rack-test (0.6.3)
      rack (>= 1.0)
    sequel (4.37.0)
    sinatra (1.4.7)
      rack (~> 1.5)
      rack-protection (~> 1.4)
      tilt (>= 1.3, < 3)
    sinatra-contrib (1.4.7)
      backports (>= 2.0)
      multi_json
      rack-protection
      rack-test
      sinatra (~> 1.4.0)
      tilt (>= 1.3, < 3)
    sinatra-json (0.1.0)
      multi_json (~> 1.0)
      sinatra (~> 1.0)
    sinatra-reloader (1.0)
      sinatra-contrib
    tilt (2.0.5)

PLATFORMS
  ruby

DEPENDENCIES
  json
  pg
  rack-contrib
  sequel
  sinatra
  sinatra-json
  sinatra-reloader

BUNDLED WITH
   1.10.6
